GEM
  remote: https://rubygems.org/
  specs:
    pastel (0.8.0)
      tty-color (~> 0.5)
    tty-color (0.6.0)
    tty-font (0.5.0)

PLATFORMS
  x86_64-darwin-19

DEPENDENCIES
  pastel
  tty-font

BUNDLED WITH
   2.2.28
